GEM
  remote: http://rubygems.org/
  specs:
    activesupport (4.1.16)
      i18n (~> 0.6, >= 0.6.9)
      json (~> 1.7, >= 1.7.7)
      minitest (~> 5.1)
      thread_safe (~> 0.1)
      tzinfo (~> 1.1)
    diff-lcs (1.1.3)
    factory_girl (4.1.0)
      activesupport (>= 3.0.0)
    fakeweb (1.3.0)
    git (1.5.0)
    hashie (1.2.0)
    i18n (0.6.11)
    jeweler (1.6.4)
      bundler (~> 1.0)
      git (>= 1.2.5)
      rake
    json (1.8.6)
    minitest (5.13.0)
    monetize (0.1.4)
    money (6.0.1)
      i18n (~> 0.6.4)
      monetize (~> 0.1.3)
    nokogiri (1.5.11)
    rake (13.0.1)
    rspec (2.12.0)
      rspec-core (~> 2.12.0)
      rspec-expectations (~> 2.12.0)
      rspec-mocks (~> 2.12.0)
    rspec-core (2.12.2)
    rspec-expectations (2.12.1)
      diff-lcs (~> 1.1.3)
    rspec-mocks (2.12.2)
    shoulda (3.6.0)
      shoulda-context (~> 1.0, >= 1.0.1)
      shoulda-matchers (~> 3.0)
    shoulda-context (1.2.2)
    shoulda-matchers (3.1.3)
      activesupport (>= 4.0.0)
    thor (0.16.0)
    thread_safe (0.3.6)
    tzinfo (1.2.6)
      thread_safe (~> 0.1)
    vcr (2.7.0)

PLATFORMS
  ruby

DEPENDENCIES
  bundler
  factory_girl (~> 4.1.0)
  fakeweb (~> 1.3.0)
  hashie (~> 1.2.0)
  i18n (~> 0.6.9)
  jeweler (~> 1.6.4)
  monetize (~> 0.1.4)
  money (~> 6.0.1)
  nokogiri (~> 1.5.5)
  rspec (~> 2.12.0)
  shoulda
  thor (~> 0.16.0)
  vcr (~> 2.7.0)

BUNDLED WITH
   1.17.2
